PATH
  remote: .
  specs:
    trulioo_integration (0.0.6)
      awesome_print
      httparty

GEM
  remote: https://rubygems.org/
  specs:
    addressable (2.8.0)
      public_suffix (>= 2.0.2, < 5.0)
    awesome_print (1.9.2)
    crack (0.4.3)
      safe_yaml (~> 1.0.0)
    hashdiff (1.0.0)
    httparty (0.20.0)
      mime-types (~> 3.0)
      multi_xml (>= 0.5.2)
    mime-types (3.4.1)
      mime-types-data (~> 3.2015)
    mime-types-data (3.2021.1115)
    minitest (5.11.3)
    multi_xml (0.6.0)
    public_suffix (4.0.6)
    rake (10.5.0)
    safe_yaml (1.0.5)
    vcr (5.0.0)
    webmock (3.5.1)
      addressable (>= 2.3.6)
      crack (>= 0.3.2)
      hashdiff

PLATFORMS
  ruby

DEPENDENCIES
  bundler (~> 1.16)
  minitest (~> 5.0)
  rake (~> 10.0)
  trulioo_integration!
  vcr
  webmock

BUNDLED WITH
   1.17.3
